PATH
  remote: .
  specs:
    MySecret (2.0.2)

GEM
  remote: https://rubygems.org/
  specs:
    rake (13.0.6)

PLATFORMS
  x86_64-linux

DEPENDENCIES
  MySecret!
  rake (~> 13.0)

BUNDLED WITH
   2.4.12
