PATH
  remote: .
  specs:
    MySecret (0.1.0)

GEM
  remote: https://rubygems.org/
  specs:

PLATFORMS
  x86_64-linux

DEPENDENCIES
  MySecret!

BUNDLED WITH
   2.4.12
